GEM
  remote: https://rubygems.org/
  specs:
    actionview (7.0.4.3)
      activesupport (= 7.0.4.3)
      builder (~> 3.1)
      erubi (~> 1.4)
      rails-dom-testing (~> 2.0)
      rails-html-sanitizer (~> 1.1, >= 1.2.0)
    activemodel (7.0.4.3)
      activesupport (= 7.0.4.3)
    activerecord (7.0.4.3)
      activemodel (= 7.0.4.3)
      activesupport (= 7.0.4.3)
    activesupport (7.0.4.3)
      concurrent-ruby (~> 1.0, >= 1.0.2)
      i18n (>= 1.6, < 2)
      minitest (>= 5.1)
      tzinfo (~> 2.0)
    builder (3.2.4)
    concurrent-ruby (1.2.2)
    crass (1.0.6)
    erubi (1.12.0)
    excon (0.99.0)
    ffi (1.15.5)
    i18n (1.12.0)
      concurrent-ruby (~> 1.0)
    kaminari (1.2.2)
      activesupport (>= 4.1.0)
      kaminari-actionview (= 1.2.2)
      kaminari-activerecord (= 1.2.2)
      kaminari-core (= 1.2.2)
    kaminari-actionview (1.2.2)
      actionview
      kaminari-core (= 1.2.2)
    kaminari-activerecord (1.2.2)
      activerecord
      kaminari-core (= 1.2.2)
    kaminari-core (1.2.2)
    loofah (2.20.0)
      crass (~> 1.0.2)
      nokogiri (>= 1.5.9)
    minitest (5.18.0)
    multi_json (1.15.0)
    mustermann (3.0.0)
      ruby2_keywords (~> 0.0.1)
    nio4r (2.5.9)
    nokogiri (1.14.3-x64-mingw-ucrt)
      racc (~> 1.4)
    nokogiri (1.14.3-x86_64-linux)
      racc (~> 1.4)
    puma (6.2.1)
      nio4r (~> 2.0)
    racc (1.6.2)
    rack (2.2.6.4)
    rack-protection (3.0.6)
      rack
    rails-dom-testing (2.0.3)
      activesupport (>= 4.2.0)
      nokogiri (>= 1.6)
    rails-html-sanitizer (1.5.0)
      loofah (~> 2.19, >= 2.19.1)
    rake (13.0.6)
    ruby2_keywords (0.0.5)
    sassc (2.4.0)
      ffi (~> 1.9)
    sinatra (3.0.6)
      mustermann (~> 3.0)
      rack (~> 2.2, >= 2.2.4)
      rack-protection (= 3.0.6)
      tilt (~> 2.0)
    sinatra-activerecord (2.0.26)
      activerecord (>= 4.1)
      sinatra (>= 1.0)
    sinatra-contrib (3.0.6)
      multi_json
      mustermann (~> 3.0)
      rack-protection (= 3.0.6)
      sinatra (= 3.0.6)
      tilt (~> 2.0)
    sinatra-flash (0.3.0)
      sinatra (>= 1.0.0)
    slim (5.1.0)
      temple (~> 0.10.0)
      tilt (>= 2.0.6, < 2.2)
    sqlite3 (1.6.2-x64-mingw-ucrt)
    sqlite3 (1.6.2-x86_64-linux)
    sucker_punch (3.1.0)
      concurrent-ruby (~> 1.0)
    temple (0.10.0)
    tilt (2.1.0)
    tzinfo (2.0.6)
      concurrent-ruby (~> 1.0)

PLATFORMS
  x64-mingw-ucrt
  x86_64-linux

DEPENDENCIES
  activerecord
  excon
  kaminari
  puma
  rake
  sassc
  sinatra
  sinatra-activerecord
  sinatra-contrib
  sinatra-flash
  slim
  sqlite3
  sucker_punch

BUNDLED WITH
   2.4.7
